GEM
  remote: http://rubygems.org/
  specs:
    rake (0.8.7)
    rake-compiler (0.7.7)
      rake

PLATFORMS
  ruby

DEPENDENCIES
  rake-compiler
